GEM
  remote: https://rubygems.org/
  specs:
    byebug (9.1.0)
    coderay (1.1.2)
    method_source (0.9.0)
    pry (0.11.3)
      coderay (~> 1.1.0)
      method_source (~> 0.9.0)
    pry-byebug (3.5.1)
      byebug (~> 9.1)
      pry (~> 0.10)
    thor (0.20.0)

PLATFORMS
  ruby

DEPENDENCIES
  pry-byebug
  thor

RUBY VERSION
   ruby 2.4.1p111

BUNDLED WITH
   1.16.1
